GEM
  remote: https://rubygems.org/
  specs:
    actionpack (5.2.7.1)
      actionview (= 5.2.7.1)
      activesupport (= 5.2.7.1)
      rack (~> 2.0, >= 2.0.8)
      rack-test (>= 0.6.3)
      rails-dom-testing (~> 2.0)
      rails-html-sanitizer (~> 1.0, >= 1.0.2)
    actionview (5.2.7.1)
      activesupport (= 5.2.7.1)
      builder (~> 3.1)
      erubi (~> 1.4)
      rails-dom-testing (~> 2.0)
      rails-html-sanitizer (~> 1.0, >= 1.0.3)
    activesupport (5.2.7.1)
      concurrent-ruby (~> 1.0, >= 1.0.2)
      i18n (>= 0.7, < 2)
      minitest (~> 5.1)
      tzinfo (~> 1.1)
    builder (3.2.4)
    certifi (2018.01.18)
    concurrent-ruby (1.1.10)
    crass (1.0.6)
    dotenv (2.7.6)
    dotenv-rails (2.7.6)
      dotenv (= 2.7.6)
      railties (>= 3.2)
    erubi (1.10.0)
    faraday (0.17.3)
      multipart-post (>= 1.2, < 3)
    faraday-http-cache (2.2.0)
      faraday (>= 0.8)
    faraday_middleware (0.14.0)
      faraday (>= 0.7.4, < 1.0)
    i18n (1.10.0)
      concurrent-ruby (~> 1.0)
    little-plugger (1.1.4)
    logging (2.3.0)
      little-plugger (~> 1.1)
      multi_json (~> 1.14)
    loofah (2.16.0)
      crass (~> 1.0.2)
      nokogiri (>= 1.5.9)
    method_source (1.0.0)
    mini_portile2 (2.4.0)
    minitest (5.15.0)
    multi_json (1.15.0)
    multipart-post (2.1.1)
    mustermann (1.1.1)
      ruby2_keywords (~> 0.0.1)
    nokogiri (1.10.10)
      mini_portile2 (~> 2.4.0)
    rack (2.2.3)
    rack-protection (2.0.8.1)
      rack
    rack-test (1.1.0)
      rack (>= 1.0, < 3)
    rails-dom-testing (2.0.3)
      activesupport (>= 4.2.0)
      nokogiri (>= 1.6)
    rails-html-sanitizer (1.4.2)
      loofah (~> 2.3)
    railties (5.2.7.1)
      actionpack (= 5.2.7.1)
      activesupport (= 5.2.7.1)
      method_source
      rake (>= 0.8.7)
      thor (>= 0.19.0, < 2.0)
    rake (13.0.6)
    ruby2_keywords (0.0.2)
    sinatra (2.0.8.1)
      mustermann (~> 1.0)
      rack (~> 2.0)
      rack-protection (= 2.0.8.1)
      tilt (~> 2.0)
    square.rb (6.0.0.20200625)
      certifi (~> 2018.1)
      faraday (~> 0.15)
      faraday-http-cache (~> 2.0)
      faraday_middleware (~> 0.13)
      logging (~> 2.2)
    thor (1.2.1)
    thread_safe (0.3.6)
    tilt (2.0.10)
    tzinfo (1.2.9)
      thread_safe (~> 0.1)

PLATFORMS
  ruby

DEPENDENCIES
  dotenv-rails
  sinatra (~> 2.0)
  square.rb

RUBY VERSION
   ruby 2.4.2p198

BUNDLED WITH
   1.17.3
